GIT
  remote: https://github.com/ontoportal-lirmm/goo.git
  revision: a95245b8c964431505ca6315907440996c59a00d
  branch: development
  specs:
    goo (0.0.2)
      addressable (~> 2.8)
      pry
      rdf (= 3.2.11)
      rdf-raptor
      rdf-rdfxml
      rdf-vocab
      redis
      rest-client
      rsolr
      sparql-client
      uuid

GIT
  remote: https://github.com/ontoportal-lirmm/sparql-client.git
  revision: 59251e59346c9a69a67c88552ba55a1244eec602
  branch: development
  specs:
    sparql-client (3.2.2)
      net-http-persistent (~> 4.0, >= 4.0.2)
      rdf (~> 3.2, >= 3.2.11)

GEM
  remote: https://rubygems.org/
  specs:
    activesupport (4.0.13)
      i18n (~> 0.6, >= 0.6.9)
      minitest (~> 4.2)
      multi_json (~> 1.3)
      thread_safe (~> 0.1)
      tzinfo (~> 0.3.37)
    addressable (2.8.7)
      public_suffix (>= 2.0.2, < 7.0)
    ansi (1.5.0)
    ast (2.4.2)
    base64 (0.2.0)
    bcrypt (3.1.20)
    bigdecimal (3.1.8)
    builder (3.3.0)
    coderay (1.1.3)
    concurrent-ruby (1.3.3)
    connection_pool (2.4.1)
    crack (1.0.0)
      bigdecimal
      rexml
    cube-ruby (0.0.3)
    daemons (1.4.1)
    date (3.3.4)
    docile (1.4.0)
    domain_name (0.6.20240107)
    email_spec (2.2.2)
      htmlentities (~> 4.3.3)
      launchy (~> 2.1)
      mail (~> 2.7)
    eventmachine (1.2.7)
    faraday (1.10.3)
      faraday-em_http (~> 1.0)
      faraday-em_synchrony (~> 1.0)
      faraday-excon (~> 1.1)
      faraday-httpclient (~> 1.0)
      faraday-multipart (~> 1.0)
      faraday-net_http (~> 1.0)
      faraday-net_http_persistent (~> 1.0)
      faraday-patron (~> 1.0)
      faraday-rack (~> 1.0)
      faraday-retry (~> 1.0)
      ruby2_keywords (>= 0.0.4)
    faraday-em_http (1.0.0)
    faraday-em_synchrony (1.0.0)
    faraday-excon (1.1.0)
    faraday-httpclient (1.0.1)
    faraday-multipart (1.0.4)
      multipart-post (~> 2)
    faraday-net_http (1.0.1)
    faraday-net_http_persistent (1.2.0)
    faraday-patron (1.0.0)
    faraday-rack (1.0.0)
    faraday-retry (1.0.3)
    ffi (1.16.3)
    hashdiff (1.1.0)
    hashie (5.0.0)
    htmlentities (4.3.4)
    http-accept (1.7.0)
    http-cookie (1.0.6)
      domain_name (~> 0.5)
    i18n (0.9.5)
      concurrent-ruby (~> 1.0)
    json (2.7.2)
    json-ld (3.0.2)
      multi_json (~> 1.12)
      rdf (>= 2.2.8, < 4.0)
    jwt (2.8.2)
      base64
    language_server-protocol (3.17.0.3)
    launchy (2.5.2)
      addressable (~> 2.8)
    libxml-ruby (2.9.0)
    link_header (0.0.8)
    logger (1.6.0)
    macaddr (1.7.2)
      systemu (~> 2.6.5)
    mail (2.8.1)
      mini_mime (>= 0.1.1)
      net-imap
      net-pop
      net-smtp
    method_source (1.1.0)
    mime-types (3.5.2)
      mime-types-data (~> 3.2015)
    mime-types-data (3.2024.0604)
    mini_mime (1.1.5)
    minitest (4.7.5)
    minitest-reporters (0.14.24)
      ansi
      builder
      minitest (>= 2.12, < 5.0)
      powerbar
    multi_json (1.15.0)
    multipart-post (2.4.1)
    net-http-persistent (4.0.2)
      connection_pool (~> 2.2)
    net-imap (0.4.14)
      date
      net-protocol
    net-pop (0.1.2)
      net-protocol
    net-protocol (0.2.2)
      timeout
    net-smtp (0.5.0)
      net-protocol
    netrc (0.11.0)
    oj (3.16.4)
      bigdecimal (>= 3.0)
    omni_logger (0.1.4)
      logger
    parallel (1.25.1)
    parser (3.3.3.0)
      ast (~> 2.4.1)
      racc
    pony (1.13.1)
      mail (>= 2.0)
    powerbar (2.0.1)
      hashie (>= 1.1.0)
    pry (0.14.2)
      coderay (~> 1.1)
      method_source (~> 1.0)
    public_suffix (5.1.1)
    racc (1.8.0)
    rack (1.6.13)
    rack-test (0.8.3)
      rack (>= 1.0, < 3)
    rainbow (3.1.1)
    rake (10.5.0)
    rdf (3.2.11)
      link_header (~> 0.0, >= 0.0.8)
    rdf-raptor (3.2.0)
      ffi (~> 1.15)
      rdf (~> 3.2)
    rdf-rdfxml (3.2.2)
      builder (~> 3.2)
      htmlentities (~> 4.3)
      rdf (~> 3.2)
      rdf-xsd (~> 3.2)
    rdf-vocab (3.2.7)
      rdf (~> 3.2, >= 3.2.4)
    rdf-xsd (3.2.1)
      rdf (~> 3.2)
      rexml (~> 3.2)
    redis (5.2.0)
      redis-client (>= 0.22.0)
    redis-client (0.22.2)
      connection_pool
    regexp_parser (2.9.2)
    request_store (1.7.0)
      rack (>= 1.4)
    rest-client (2.1.0)
      http-accept (>= 1.7.0, < 2.0)
      http-cookie (>= 1.0.2, < 2.0)
      mime-types (>= 1.16, < 4.0)
      netrc (~> 0.8)
    rexml (3.3.1)
      strscan
    rsolr (1.1.2)
      builder (>= 2.1.2)
    rubocop (1.64.1)
      json (~> 2.3)
      language_server-protocol (>= 3.17.0)
      parallel (~> 1.10)
      parser (>= 3.3.0.2)
      rainbow (>= 2.2.2, < 4.0)
      regexp_parser (>= 1.8, < 3.0)
      rexml (>= 3.2.5, < 4.0)
      rubocop-ast (>= 1.31.1, < 2.0)
      ruby-progressbar (~> 1.7)
      unicode-display_width (>= 2.4.0, < 3.0)
    rubocop-ast (1.31.3)
      parser (>= 3.3.1.0)
    ruby-progressbar (1.13.0)
    ruby2_keywords (0.0.5)
    rubyzip (1.3.0)
    simplecov (0.22.0)
      docile (~> 1.1)
      simplecov-html (~> 0.11)
      simplecov_json_formatter (~> 0.1)
    simplecov-cobertura (2.1.0)
      rexml
      simplecov (~> 0.19)
    simplecov-html (0.12.3)
    simplecov_json_formatter (0.1.4)
    strscan (3.1.0)
    systemu (2.6.5)
    test-unit-minitest (0.9.1)
      minitest (~> 4.7)
    thin (1.8.2)
      daemons (~> 1.0, >= 1.0.9)
      eventmachine (~> 1.0, >= 1.0.4)
      rack (>= 1, < 3)
    thread_safe (0.3.6)
    timeout (0.4.1)
    tzinfo (0.3.62)
    unicode-display_width (2.5.0)
    uuid (2.3.9)
      macaddr (~> 1.0)
    webmock (3.23.1)
      addressable (>= 2.8.0)
      crack (>= 0.3.2)
      hashdiff (>= 0.4.0, < 2.0.0)

PLATFORMS
  ruby

DEPENDENCIES
  activesupport (~> 4)
  addressable (~> 2.8)
  bcrypt (~> 3.0)
  cube-ruby
  email_spec
  faraday (~> 1.9)
  ffi (~> 1.16.3)
  goo!
  json-ld (~> 3.0.2)
  jwt
  libxml-ruby (~> 2.0)
  minitest
  minitest-reporters (>= 0.5.0)
  multi_json (~> 1.0)
  oj
  omni_logger
  parallel (~> 1.24)
  pony
  pry
  rack (~> 1.0)
  rack-test (~> 0.6)
  rake (~> 10.0)
  request_store
  rest-client
  rsolr (~> 1.0)
  rubocop
  rubyzip (~> 1.0)
  simplecov
  simplecov-cobertura
  sparql-client!
  test-unit-minitest
  thin
  webmock

BUNDLED WITH
   2.1.4
